PATH
  remote: .
  specs:
    chromiebara (0.1.0)
      websocket-driver (>= 0.6.5)

GEM
  remote: https://rubygems.org/
  specs:
    byebug (11.0.1)
    diff-lcs (1.3)
    mustermann (1.0.3)
    puma (3.12.1)
    puma (3.12.1-java)
    rack (2.0.7)
    rack-protection (2.0.5)
      rack
    rake (10.5.0)
    rspec (3.8.0)
      rspec-core (~> 3.8.0)
      rspec-expectations (~> 3.8.0)
      rspec-mocks (~> 3.8.0)
    rspec-core (3.8.0)
      rspec-support (~> 3.8.0)
    rspec-expectations (3.8.3)
      diff-lcs (>= 1.2.0, < 2.0)
      rspec-support (~> 3.8.0)
    rspec-mocks (3.8.0)
      diff-lcs (>= 1.2.0, < 2.0)
      rspec-support (~> 3.8.0)
    rspec-support (3.8.0)
    sinatra (2.0.5)
      mustermann (~> 1.0)
      rack (~> 2.0)
      rack-protection (= 2.0.5)
      tilt (~> 2.0)
    tilt (2.0.9)
    websocket-driver (0.7.0)
      websocket-extensions (>= 0.1.0)
    websocket-driver (0.7.0-java)
      websocket-extensions (>= 0.1.0)
    websocket-extensions (0.1.3)
    yard (0.9.19)

PLATFORMS
  java
  ruby

DEPENDENCIES
  bundler (~> 2.0)
  byebug
  chromiebara!
  puma
  rake (~> 10.0)
  rspec (~> 3.0)
  sinatra (~> 2.0)
  yard

BUNDLED WITH
   2.0.1
